PATH
  remote: .
  specs:
    tiltify (0.1.6)
      faraday (~> 2.0)

GEM
  remote: https://rubygems.org/
  specs:
    dotenv (2.7.6)
    faraday (2.5.2)
      faraday-net_http (>= 2.0, < 3.1)
      ruby2_keywords (>= 0.0.4)
    faraday-net_http (3.0.0)
    minitest (5.15.0)
    rake (13.0.6)
    ruby2_keywords (0.0.5)

PLATFORMS
  x86_64-linux

DEPENDENCIES
  dotenv
  minitest (~> 5.0)
  rake (~> 13.0)
  tiltify!

BUNDLED WITH
   2.2.29
